FRAMEWORK: NET45
NUGET
  remote: https://www.nuget.org/api/v2
    Argu (3.7)
    CsvHelper (2.16.3)
    FParsec (1.0.2)
    FSharp.Core (4.1.2)
      System.ValueTuple (>= 4.3)
    FsPickler (2.1)
    FsPickler.Json (2.1)
      FsPickler (2.1)
      Newtonsoft.Json (>= 6.0.5)
    MBrace.Azure (1.4.3)
      Argu (>= 3.0 < 4.0)
      MBrace.Core (>= 1.3 < 1.4)
      MBrace.Runtime (>= 1.3 < 1.4)
      System.Reflection.Metadata
      WindowsAzure.ServiceBus (>= 3.0 < 4.0)
      WindowsAzure.Storage (>= 7.0 < 8.0)
    MBrace.Core (1.3.1)
    MBrace.Flow (1.3.1)
      FSharp.Core (>= 3.0)
      MBrace.Core (1.3.1)
      Streams (>= 0.4 < 0.5)
    MBrace.Runtime (1.3.1)
      FsPickler (>= 2.1 < 2.2)
      FsPickler.Json (>= 2.1 < 2.2)
      MBrace.Core (1.3.1)
      Vagabond (>= 0.13.1 < 0.14)
    Microsoft.Azure.KeyVault.Core (2.0.4)
    Microsoft.Data.Edm (5.8.2)
    Microsoft.Data.OData (5.8.2)
      Microsoft.Data.Edm (5.8.2)
      System.Spatial (5.8.2)
    Microsoft.Data.Services.Client (5.8.2)
      Microsoft.Data.OData (5.8.2)
    Mono.Cecil (0.9.6.4)
    Newtonsoft.Json (10.0.2)
    Streams (0.4.1)
    System.Collections.Immutable (1.3.1)
    System.Reflection.Metadata (1.4.2)
      System.Collections.Immutable (>= 1.3.1)
    System.Spatial (5.8.2)
    System.ValueTuple (4.3)
    Vagabond (0.13.1)
      FsPickler (>= 2.1 < 2.2)
      Mono.Cecil (>= 0.9.6.3 < 0.9.7)
    WindowsAzure.ServiceBus (3.4.6)
    WindowsAzure.Storage (7.2.1)
      Microsoft.Azure.KeyVault.Core (>= 1.0)
      Microsoft.Data.OData (>= 5.6.4)
      Microsoft.Data.Services.Client (>= 5.6.4)
      Newtonsoft.Json (>= 6.0.8)
